PATH
  remote: .
  specs:
    put_rake (0.1.1)
      colorize
      command_line
      thor

GEM
  remote: https://rubygems.org/
  specs:
    colorize (0.8.1)
    command_line (2.0.1)
    diff-lcs (1.5.0)
    rake (13.0.6)
    rspec (3.12.0)
      rspec-core (~> 3.12.0)
      rspec-expectations (~> 3.12.0)
      rspec-mocks (~> 3.12.0)
    rspec-core (3.12.0)
      rspec-support (~> 3.12.0)
    rspec-expectations (3.12.2)
      diff-lcs (>= 1.2.0, < 2.0)
      rspec-support (~> 3.12.0)
    rspec-mocks (3.12.2)
      diff-lcs (>= 1.2.0, < 2.0)
      rspec-support (~> 3.12.0)
    rspec-support (3.12.0)
    thor (1.2.1)

PLATFORMS
  arm64-darwin-20

DEPENDENCIES
  put_rake!
  rake (~> 13.0)
  rspec (~> 3.0)

BUNDLED WITH
   2.3.23
